GEM
  remote: https://rubygems.org/
  specs:
    mustache (1.0.3)

PLATFORMS
  ruby

DEPENDENCIES
  mustache
